GEM
  remote: https://rubygems.org/
  specs:
    chronic (0.9.1)

PLATFORMS
  x64-mingw32

DEPENDENCIES
  chronic (~> 0.9.0)

BUNDLED WITH
   1.14.5
